RESTRICTION: == net452
NUGET
  remote: https://www.nuget.org/api/v2
    Argu (3.7)
    DataLoader (0.2)
      System.ValueTuple (>= 4.3)
    Expecto (5.0.1)
      Argu (>= 3.7)
      FSharp.Core (>= 4.1.12)
      Mono.Cecil (>= 0.10.0-beta5)
    FSharp.Core (4.2.3)
    FSharp.Data (2.3.3)
    GraphQL (0.17.3)
      GraphQL-Parser (>= 2.0)
      Newtonsoft.Json (>= 9.0.1)
    GraphQL-Parser (3.0)
    Humanizer.Core (2.2)
      NETStandard.Library (>= 1.6.1)
    Microsoft.NETCore.Platforms (2.0)
    Mono.Cecil (0.10.0-beta6)
    NETStandard.Library (2.0)
      Microsoft.NETCore.Platforms (>= 1.1)
      System.Runtime.InteropServices.RuntimeInformation (>= 4.3)
    Newtonsoft.Json (10.0.3)
    Suave (2.2.1)
      FSharp.Core (>= 4.0.0.1)
    System.Runtime.InteropServices.RuntimeInformation (4.3)
    System.ValueTuple (4.4)
      NETStandard.Library (>= 1.6.1)
  remote: http://nuget.codis.co.uk/nuget
    Interop.SageDataObject (21.0.0)
